GIT
  remote: https://github.com/luftkluft/codebreaker_web
  revision: d141aee1506580295e7c586be932b78b33fdf7b6
  branch: develop
  specs:
    codebreaker_web (0.3.2)

PATH
  remote: .
  specs:
    codebreaker (0.1.0)

GEM
  remote: https://rubygems.org/
  specs:
    ast (2.4.0)
    colorize (0.8.1)
    concurrent-ruby (1.1.4)
    diff-lcs (1.3)
    docile (1.3.1)
    fasterer (0.4.1)
      colorize (~> 0.7)
      ruby_parser (~> 3.11.0)
    i18n (1.3.0)
      concurrent-ruby (~> 1.0)
    jaro_winkler (1.5.1)
    json (2.1.0)
    parallel (1.12.1)
    parser (2.5.3.0)
      ast (~> 2.4.0)
    powerpack (0.1.2)
    rack (2.0.6)
    rack-test (1.1.0)
      rack (>= 1.0, < 3)
    rainbow (3.0.0)
    rake (10.5.0)
    rspec (3.8.0)
      rspec-core (~> 3.8.0)
      rspec-expectations (~> 3.8.0)
      rspec-mocks (~> 3.8.0)
    rspec-core (3.8.0)
      rspec-support (~> 3.8.0)
    rspec-expectations (3.8.2)
      diff-lcs (>= 1.2.0, < 2.0)
      rspec-support (~> 3.8.0)
    rspec-mocks (3.8.0)
      diff-lcs (>= 1.2.0, < 2.0)
      rspec-support (~> 3.8.0)
    rspec-support (3.8.0)
    rubocop (0.61.1)
      jaro_winkler (~> 1.5.1)
      parallel (~> 1.10)
      parser (>= 2.5, != 2.5.1.1)
      powerpack (~> 0.1)
      rainbow (>= 2.2.2, < 4.0)
      ruby-progressbar (~> 1.7)
      unicode-display_width (~> 1.4.0)
    rubocop-rspec (1.30.1)
      rubocop (>= 0.60.0)
    ruby-progressbar (1.10.0)
    ruby_parser (3.11.0)
      sexp_processor (~> 4.9)
    sexp_processor (4.11.0)
    simplecov (0.16.1)
      docile (~> 1.1)
      json (>= 1.8, < 3)
      simplecov-html (~> 0.10.0)
    simplecov-html (0.10.2)
    unicode-display_width (1.4.1)

PLATFORMS
  ruby

DEPENDENCIES
  bundler (~> 1.17)
  codebreaker!
  codebreaker_web!
  fasterer
  i18n
  rack
  rack-test
  rake (~> 10.0)
  rspec (~> 3.8)
  rubocop
  rubocop-rspec
  simplecov

BUNDLED WITH
   1.17.2
